PATH
  remote: .
  specs:
    bundle-alive (0.1.0)

GEM
  remote: https://rubygems.org/
  specs:
    ast (2.4.2)
    parallel (1.22.1)
    parser (3.1.2.0)
      ast (~> 2.4.1)
    rainbow (3.1.1)
    journey (1.0.4)

PLATFORMS
  arm64-darwin-20
  x86_64-darwin-20

DEPENDENCIES
  bunlde-alive!
  rubocop (~> 1.21)

BUNDLED WITH
   2.3.13
